GIT
  remote: https://github.com/pooza/ginseng-core.git
  revision: 226ac5d928417c856f8ad6f5f0e50b5b7398cc7a
  specs:
    ginseng-core (1.10.20)
      activesupport (>= 6.1.3.2)
      addressable
      bundler
      daemon-spawn
      date
      facets
      httparty
      json-schema
      mail
      multi_json
      net-protocol
      nokogiri (>= 1.11.4)
      rake
      rest-client
      sanitize
      time
      unicode
      yajl-ruby
      zeitwerk (>= 2.4.0)
      zlib

GIT
  remote: https://github.com/pooza/ginseng-fediverse.git
  revision: 6b15a62528f2981c7d23da7705c7e6819dfa5e0b
  specs:
    ginseng-fediverse (1.5.12)

GIT
  remote: https://github.com/pooza/ginseng-postgres.git
  revision: e88d89348becf583d0234be07113726ad90c39bc
  specs:
    ginseng-postgres (1.3.4)
      pg
      sequel

GIT
  remote: https://github.com/pooza/ginseng-redis.git
  revision: e4ad69eb594c845553e230b2bd8d7aab6a8350ac
  specs:
    ginseng-redis (1.1.2)
      redis

GIT
  remote: https://github.com/pooza/ginseng-web.git
  revision: 88e9f9187b5f41d0abc7fc1006fdda51d86ac90c
  specs:
    ginseng-web (1.3.12)
      puma (>= 5.3.0)
      rss
      sassc
      sinatra
      slim
      uglifier

GIT
  remote: https://github.com/pooza/ginseng-youtube.git
  revision: f70fdb94ecee51ea6bf145258baad91a48ac8e66
  specs:
    ginseng-youtube (1.0.2)

GEM
  remote: https://rubygems.org/
  specs:
    actionpack (6.1.3.2)
      actionview (= 6.1.3.2)
      activesupport (= 6.1.3.2)
      rack (~> 2.0, >= 2.0.9)
      rack-test (>= 0.6.3)
      rails-dom-testing (~> 2.0)
      rails-html-sanitizer (~> 1.0, >= 1.2.0)
    actionview (6.1.3.2)
      activesupport (= 6.1.3.2)
      builder (~> 3.1)
      erubi (~> 1.4)
      rails-dom-testing (~> 2.0)
      rails-html-sanitizer (~> 1.1, >= 1.2.0)
    activesupport (6.1.3.2)
      concurrent-ruby (~> 1.0, >= 1.0.2)
      i18n (>= 1.6, < 2)
      minitest (>= 5.1)
      tzinfo (~> 2.0)
      zeitwerk (~> 2.3)
    addressable (2.5.2)
      public_suffix (>= 2.0.2, < 4.0)
    ast (2.4.2)
    aws-eventstream (1.1.1)
    aws-sigv4 (1.2.3)
      aws-eventstream (~> 1, >= 1.0.2)
    bootsnap (1.7.5)
      msgpack (~> 1.0)
    brpoplpush-redis_script (0.1.2)
      concurrent-ruby (~> 1.0, >= 1.0.5)
      redis (>= 1.0, <= 5.0)
    bson (4.12.1)
    builder (3.2.4)
    concurrent-ruby (1.1.8)
    connection_pool (2.2.5)
    crass (1.0.6)
    daemon-spawn (0.4.2)
    date (3.1.1)
    domain_name (0.5.20190701)
      unf (>= 0.0.5, < 1.0.0)
    dropbox_api (0.1.19)
      faraday (~> 1.0)
      oauth2 (~> 1.1)
    dry-configurable (0.12.1)
      concurrent-ruby (~> 1.0)
      dry-core (~> 0.5, >= 0.5.0)
    dry-container (0.7.2)
      concurrent-ruby (~> 1.0)
      dry-configurable (~> 0.1, >= 0.1.3)
    dry-core (0.5.0)
      concurrent-ruby (~> 1.0)
    dry-equalizer (0.3.0)
    dry-inflector (0.2.0)
    dry-initializer (3.0.4)
    dry-logic (1.2.0)
      concurrent-ruby (~> 1.0)
      dry-core (~> 0.5, >= 0.5)
    dry-schema (1.6.2)
      concurrent-ruby (~> 1.0)
      dry-configurable (~> 0.8, >= 0.8.3)
      dry-core (~> 0.5, >= 0.5)
      dry-initializer (~> 3.0)
      dry-logic (~> 1.0)
      dry-types (~> 1.5)
    dry-types (1.5.1)
      concurrent-ruby (~> 1.0)
      dry-container (~> 0.3)
      dry-core (~> 0.5, >= 0.5)
      dry-inflector (~> 0.1, >= 0.1.2)
      dry-logic (~> 1.0, >= 1.0.2)
    dry-validation (1.6.0)
      concurrent-ruby (~> 1.0)
      dry-container (~> 0.7, >= 0.7.1)
      dry-core (~> 0.4)
      dry-equalizer (~> 0.2)
      dry-initializer (~> 3.0)
      dry-schema (~> 1.5, >= 1.5.2)
    e2mmap (0.1.0)
    erubi (1.10.0)
    et-orbi (1.2.4)
      tzinfo
    eventmachine (1.2.7)
    execjs (2.8.1)
    facets (3.1.0)
    faraday (1.4.2)
      faraday-em_http (~> 1.0)
      faraday-em_synchrony (~> 1.0)
      faraday-excon (~> 1.1)
      faraday-net_http (~> 1.0)
      faraday-net_http_persistent (~> 1.1)
      multipart-post (>= 1.2, < 3)
      ruby2_keywords (>= 0.0.4)
    faraday-em_http (1.0.0)
    faraday-em_synchrony (1.0.0)
    faraday-excon (1.1.0)
    faraday-net_http (1.0.1)
    faraday-net_http_persistent (1.1.0)
    fastimage (2.2.3)
    faye-websocket (0.11.1)
      eventmachine (>= 0.12.0)
      websocket-driver (>= 0.5.1)
    ffi (1.15.1)
    ffi-compiler (1.0.1)
      ffi (>= 1.0.0)
      rake
    fileutils (1.5.0)
    fugit (1.4.5)
      et-orbi (~> 1.1, >= 1.1.8)
      raabro (~> 1.4)
    gli (2.20.0)
    hashie (4.1.0)
    http (4.4.1)
      addressable (~> 2.3)
      http-cookie (~> 1.0)
      http-form_data (~> 2.2)
      http-parser (~> 1.2.0)
    http-cookie (1.0.3)
      domain_name (~> 0.5)
    http-form_data (2.3.0)
    http-parser (1.2.3)
      ffi-compiler (>= 1.0, < 2.0)
    httparty (0.18.1)
      mime-types (~> 3.0)
      multi_xml (>= 0.5.2)
    i18n (1.8.10)
      concurrent-ruby (~> 1.0)
    io-wait (0.1.0)
    json (2.5.1)
    json-schema (2.8.1)
      addressable (>= 2.4)
    jwt (2.2.3)
    loofah (2.9.1)
      crass (~> 1.0.2)
      nokogiri (>= 1.5.9)
    mail (2.7.1)
      mini_mime (>= 0.1.1)
    mime-types (3.3.1)
      mime-types-data (~> 3.2015)
    mime-types-data (3.2021.0225)
    mimemagic (0.4.3)
      nokogiri (~> 1)
      rake
    mini_magick (4.11.0)
    mini_mime (1.1.0)
    mini_portile2 (2.5.3)
    minitest (5.14.4)
    mongo (2.14.0)
      bson (>= 4.8.2, < 5.0.0)
    msgpack (1.4.2)
    multi_json (1.15.0)
    multi_xml (0.6.0)
    multipart-post (2.1.1)
    mustermann (1.1.1)
      ruby2_keywords (~> 0.0.1)
    net-protocol (0.1.1)
      io-wait
      timeout
    netrc (0.11.0)
    nio4r (2.5.7)
    nokogiri (1.11.6)
      mini_portile2 (~> 2.5.0)
      racc (~> 1.4)
    nokogiri (1.11.6-x86_64-linux)
      racc (~> 1.4)
    nokogumbo (2.0.5)
      nokogiri (~> 1.8, >= 1.8.4)
    oauth2 (1.4.7)
      faraday (>= 0.8, < 2.0)
      jwt (>= 1.0, < 3.0)
      multi_json (~> 1.3)
      multi_xml (~> 0.5)
      rack (>= 1.2, < 3)
    omniauth (2.0.4)
      hashie (>= 3.4.6)
      rack (>= 1.6.2, < 3)
      rack-protection
    omniauth-oauth2 (1.7.1)
      oauth2 (~> 1.4)
      omniauth (>= 1.9, < 3)
    parallel (1.20.1)
    parser (3.0.1.1)
      ast (~> 2.4.1)
    pg (1.2.3)
    power_assert (2.0.0)
    public_suffix (3.1.1)
    puma (5.3.2)
      nio4r (~> 2.0)
    raabro (1.4.0)
    racc (1.5.2)
    rack (2.2.3)
    rack-protection (2.1.0)
      rack
    rack-test (1.1.0)
      rack (>= 1.0, < 3)
    rails-dom-testing (2.0.3)
      activesupport (>= 4.2.0)
      nokogiri (>= 1.6)
    rails-erb-lint (1.2.2)
      actionpack (>= 4.0)
      gli (~> 2.1)
      json
      rainbow (>= 2.2.2, < 4.0)
    rails-html-sanitizer (1.3.0)
      loofah (~> 2.3)
    rainbow (3.0.0)
    rake (13.0.3)
    redis (4.2.5)
    regexp_parser (2.1.1)
    rest-client (2.0.2)
      http-cookie (>= 1.0.2, < 2.0)
      mime-types (>= 1.16, < 4.0)
      netrc (~> 0.8)
    rexml (3.2.5)
    ricecream (0.2.0)
    rspotify (2.10.2)
      addressable (~> 2.5.2)
      omniauth-oauth2 (>= 1.6)
      rest-client (~> 2.0.2)
    rss (0.2.9)
      rexml
    rubocop (1.16.0)
      parallel (~> 1.10)
      parser (>= 3.0.0.0)
      rainbow (>= 2.2.2, < 4.0)
      regexp_parser (>= 1.8, < 3.0)
      rexml
      rubocop-ast (>= 1.7.0, < 2.0)
      ruby-progressbar (~> 1.7)
      unicode-display_width (>= 1.4.0, < 3.0)
    rubocop-ast (1.7.0)
      parser (>= 3.0.1.1)
    rubocop-performance (1.11.3)
      rubocop (>= 1.7.0, < 2.0)
      rubocop-ast (>= 0.4.0)
    rubocop-rake (0.5.1)
      rubocop
    rubocop-sequel (0.2.0)
      rubocop (~> 1.0)
    ruby-progressbar (1.11.0)
    ruby2_keywords (0.0.4)
    rufus-scheduler (3.7.0)
      fugit (~> 1.1, >= 1.1.6)
    sanitize (5.2.3)
      crass (~> 1.0.2)
      nokogiri (>= 1.8.0)
      nokogumbo (~> 2.0)
    sassc (2.4.0)
      ffi (~> 1.9)
    sequel (5.45.0)
    sidekiq (6.2.1)
      connection_pool (>= 2.2.2)
      rack (~> 2.0)
      redis (>= 4.2.0)
    sidekiq-failures (1.0.0)
      sidekiq (>= 4.0.0)
    sidekiq-scheduler (3.1.0)
      e2mmap
      redis (>= 3, < 5)
      rufus-scheduler (~> 3.2)
      sidekiq (>= 3)
      thwait
      tilt (>= 1.4.0)
    sidekiq-unique-jobs (7.0.11)
      brpoplpush-redis_script (> 0.1.1, <= 2.0.0)
      concurrent-ruby (~> 1.0, >= 1.0.5)
      sidekiq (>= 5.0, < 7.0)
      thor (>= 0.20, < 2.0)
    sinatra (2.1.0)
      mustermann (~> 1.0)
      rack (~> 2.2)
      rack-protection (= 2.1.0)
      tilt (~> 2.0)
    slim (4.1.0)
      temple (>= 0.7.6, < 0.9)
      tilt (>= 2.0.6, < 2.1)
    slim_lint (0.21.1)
      rubocop (>= 0.78.0)
      slim (>= 3.0, < 5.0)
    temple (0.8.2)
    test-unit (3.4.2)
      power_assert
    thor (1.1.0)
    thwait (0.2.0)
      e2mmap
    tilt (2.0.10)
    time (0.1.0)
      date
    timecop (0.9.4)
    timeout (0.1.1)
    tzinfo (2.0.4)
      concurrent-ruby (~> 1.0)
    uglifier (4.2.0)
      execjs (>= 0.3.0, < 3)
    unf (0.1.4)
      unf_ext
    unf_ext (0.0.7.7)
    unicode (0.4.4.4)
    unicode-display_width (2.0.0)
    vacuum (3.4.1)
      aws-sigv4 (~> 1.0)
      http (~> 4.0)
    websocket-driver (0.7.4)
      websocket-extensions (>= 0.1.0)
    websocket-extensions (0.1.5)
    yajl-ruby (1.4.1)
    zeitwerk (2.4.2)
    zlib (1.1.0)

PLATFORMS
  x86_64-freebsd-12
  x86_64-freebsd-13
  x86_64-linux

DEPENDENCIES
  bootsnap (>= 1.7.0)
  dropbox_api
  dry-validation
  fastimage
  faye-websocket
  fileutils
  ginseng-core!
  ginseng-fediverse!
  ginseng-postgres!
  ginseng-redis!
  ginseng-web!
  ginseng-youtube!
  mimemagic (>= 0.4.0)
  mini_magick
  mongo
  rack-test
  rails-erb-lint
  ricecream
  rspotify
  rubocop
  rubocop-performance
  rubocop-rake
  rubocop-sequel
  ruby-progressbar
  sidekiq (~> 6.2.0)
  sidekiq-failures
  sidekiq-scheduler
  sidekiq-unique-jobs
  slim_lint
  test-unit
  timecop
  vacuum (~> 3.0)

RUBY VERSION
   ruby 3.0.1p64

BUNDLED WITH
   2.2.18
